GEM
  remote: https://rubygems.org/
  specs:
    actioncable (5.2.6)
      actionpack (= 5.2.6)
      nio4r (~> 2.0)
      websocket-driver (>= 0.6.1)
    actionmailer (5.2.6)
      actionpack (= 5.2.6)
      actionview (= 5.2.6)
      activejob (= 5.2.6)
      mail (~> 2.5, >= 2.5.4)
      rails-dom-testing (~> 2.0)
    actionpack (5.2.6)
      actionview (= 5.2.6)
      activesupport (= 5.2.6)
      rack (~> 2.0, >= 2.0.8)
      rack-test (>= 0.6.3)
      rails-dom-testing (~> 2.0)
      rails-html-sanitizer (~> 1.0, >= 1.0.2)
    actionview (5.2.6)
      activesupport (= 5.2.6)
      builder (~> 3.1)
      erubi (~> 1.4)
      rails-dom-testing (~> 2.0)
      rails-html-sanitizer (~> 1.0, >= 1.0.3)
    activejob (5.2.6)
      activesupport (= 5.2.6)
      globalid (>= 0.3.6)
    activemodel (5.2.6)
      activesupport (= 5.2.6)
    activerecord (5.2.6)
      activemodel (= 5.2.6)
      activesupport (= 5.2.6)
      arel (>= 9.0)
    activestorage (5.2.6)
      actionpack (= 5.2.6)
      activerecord (= 5.2.6)
      marcel (~> 1.0.0)
    activesupport (5.2.6)
      concurrent-ruby (~> 1.0, >= 1.0.2)
      i18n (>= 0.7, < 2)
      minitest (~> 5.1)
      tzinfo (~> 1.1)
    addressable (2.8.0)
      public_suffix (>= 2.0.2, < 5.0)
    ansi (1.5.0)
    archive-zip (0.12.0)
      io-like (~> 0.3.0)
    arel (9.0.0)
    aws-eventstream (1.1.1)
    aws-sigv4 (1.2.4)
      aws-eventstream (~> 1, >= 1.0.2)
    bindex (0.8.1)
    bootsnap (1.8.1)
      msgpack (~> 1.0)
    builder (3.2.4)
    byebug (11.1.3)
    capybara (3.35.3)
      addressable
      mini_mime (>= 0.1.3)
      nokogiri (~> 1.8)
      rack (>= 1.6.0)
      rack-test (>= 0.6.3)
      regexp_parser (>= 1.5, < 3.0)
      xpath (~> 3.2)
    childprocess (3.0.0)
    chromedriver-helper (2.1.1)
      archive-zip (~> 0.10)
      nokogiri (~> 1.8)
    coderay (1.1.3)
    coffee-rails (4.2.2)
      coffee-script (>= 2.2.0)
      railties (>= 4.0.0)
    coffee-script (2.4.1)
      coffee-script-source
      execjs
    coffee-script-source (1.12.2)
    concurrent-ruby (1.1.9)
    crass (1.0.6)
    erubi (1.10.0)
    execjs (2.8.1)
    ffi (1.15.3)
    foreman (0.87.2)
    globalid (0.5.2)
      activesupport (>= 5.0)
    google-protobuf (3.17.3)
    google-protobuf (3.17.3-universal-darwin)
    google-protobuf (3.17.3-x86_64-linux)
    high_voltage (3.1.2)
    i18n (1.8.10)
      concurrent-ruby (~> 1.0)
    io-like (0.3.1)
    jbuilder (2.11.2)
      activesupport (>= 5.0.0)
    jquery-rails (4.4.0)
      rails-dom-testing (>= 1, < 3)
      railties (>= 4.2.0)
      thor (>= 0.14, < 2.0)
    json (2.5.1)
    kramdown (2.3.1)
      rexml
    listen (3.1.5)
      rb-fsevent (~> 0.9, >= 0.9.4)
      rb-inotify (~> 0.9, >= 0.9.7)
      ruby_dep (~> 1.2)
    lograge (0.11.2)
      actionpack (>= 4)
      activesupport (>= 4)
      railties (>= 4)
      request_store (~> 1.0)
    loofah (2.12.0)
      crass (~> 1.0.2)
      nokogiri (>= 1.5.9)
    mail (2.7.1)
      mini_mime (>= 0.1.1)
    marcel (1.0.1)
    method_source (1.0.0)
    mini_mime (1.1.1)
    mini_portile2 (2.6.1)
    minitest (5.14.4)
    minitest-rails (5.2.0)
      minitest (~> 5.10)
      railties (~> 5.2.0)
    minitest-reporters (1.4.3)
      ansi
      builder
      minitest (>= 5.0)
      ruby-progressbar
    msgpack (1.4.2)
    nio4r (2.5.8)
    nokogiri (1.12.3)
      mini_portile2 (~> 2.6.1)
      racc (~> 1.4)
    nokogiri (1.12.3-x86_64-darwin)
      racc (~> 1.4)
    nokogiri (1.12.3-x86_64-linux)
      racc (~> 1.4)
    oj (3.13.2)
    opentelemetry-api (1.0.0.rc3)
    opentelemetry-common (0.19.1)
      opentelemetry-api (~> 1.0.0.rc3)
    opentelemetry-exporter-otlp (0.20.3)
      google-protobuf (~> 3.7)
      opentelemetry-api (~> 1.0.0.rc3)
      opentelemetry-common (~> 0.19.1)
      opentelemetry-sdk (~> 1.0.0.rc2)
    opentelemetry-instrumentation-action_pack (0.1.0)
      opentelemetry-api (~> 1.0.0.rc3)
      opentelemetry-instrumentation-base (~> 0.18.2)
      opentelemetry-instrumentation-rack (~> 0.19.1)
    opentelemetry-instrumentation-action_view (0.1.0)
      opentelemetry-api (~> 1.0.0.rc1)
      opentelemetry-instrumentation-base (~> 0.18.0)
    opentelemetry-instrumentation-active_job (0.1.3)
      opentelemetry-api (~> 1.0.0.rc3)
      opentelemetry-instrumentation-base (~> 0.18.2)
    opentelemetry-instrumentation-active_model_serializers (0.18.2)
      opentelemetry-api (~> 1.0.0.rc3)
      opentelemetry-instrumentation-base (~> 0.18.2)
    opentelemetry-instrumentation-active_record (0.1.1)
      opentelemetry-api (~> 1.0.0.rc3)
      opentelemetry-instrumentation-base (~> 0.18.2)
    opentelemetry-instrumentation-all (0.20.1)
      opentelemetry-instrumentation-action_pack (~> 0.1.0)
      opentelemetry-instrumentation-action_view (~> 0.1.0)
      opentelemetry-instrumentation-active_job (~> 0.1.0)
      opentelemetry-instrumentation-active_model_serializers (~> 0.18.1)
      opentelemetry-instrumentation-active_record (~> 0.1.0)
      opentelemetry-instrumentation-bunny (~> 0.18.1)
      opentelemetry-instrumentation-concurrent_ruby (~> 0.18.1)
      opentelemetry-instrumentation-dalli (~> 0.19.0)
      opentelemetry-instrumentation-delayed_job (~> 0.18.1)
      opentelemetry-instrumentation-ethon (~> 0.19.0)
      opentelemetry-instrumentation-excon (~> 0.19.0)
      opentelemetry-instrumentation-faraday (~> 0.19.0)
      opentelemetry-instrumentation-graphql (~> 0.19.0)
      opentelemetry-instrumentation-http (~> 0.19.0)
      opentelemetry-instrumentation-http_client (~> 0.19.0)
      opentelemetry-instrumentation-koala (~> 0.18.1)
      opentelemetry-instrumentation-lmdb (~> 0.19.0)
      opentelemetry-instrumentation-mongo (~> 0.18.1)
      opentelemetry-instrumentation-mysql2 (~> 0.19.0)
      opentelemetry-instrumentation-net_http (~> 0.19.0)
      opentelemetry-instrumentation-pg (~> 0.19.0)
      opentelemetry-instrumentation-rack (~> 0.19.0)
      opentelemetry-instrumentation-rails (~> 0.19.0)
      opentelemetry-instrumentation-redis (~> 0.21.0)
      opentelemetry-instrumentation-resque (~> 0.1.0)
      opentelemetry-instrumentation-restclient (~> 0.19.0)
      opentelemetry-instrumentation-ruby_kafka (~> 0.18.1)
      opentelemetry-instrumentation-sidekiq (~> 0.20.0)
      opentelemetry-instrumentation-sinatra (~> 0.19.0)
    opentelemetry-instrumentation-base (0.18.2)
      opentelemetry-api (~> 1.0.0.rc3)
    opentelemetry-instrumentation-bunny (0.18.2)
      opentelemetry-api (~> 1.0.0.rc3)
      opentelemetry-instrumentation-base (~> 0.18.2)
    opentelemetry-instrumentation-concurrent_ruby (0.18.2)
      opentelemetry-api (~> 1.0.0.rc3)
      opentelemetry-instrumentation-base (~> 0.18.2)
    opentelemetry-instrumentation-dalli (0.19.0)
      opentelemetry-api (~> 1.0.0.rc3)
      opentelemetry-common (~> 0.19.1)
      opentelemetry-instrumentation-base (~> 0.18.2)
    opentelemetry-instrumentation-delayed_job (0.18.2)
      opentelemetry-api (~> 1.0.0.rc3)
      opentelemetry-instrumentation-base (~> 0.18.2)
    opentelemetry-instrumentation-ethon (0.19.1)
      opentelemetry-api (~> 1.0.0.rc3)
      opentelemetry-common (~> 0.19.1)
      opentelemetry-instrumentation-base (~> 0.18.2)
    opentelemetry-instrumentation-excon (0.19.1)
      opentelemetry-api (~> 1.0.0.rc3)
      opentelemetry-common (~> 0.19.1)
      opentelemetry-instrumentation-base (~> 0.18.2)
    opentelemetry-instrumentation-faraday (0.19.1)
      opentelemetry-api (~> 1.0.0.rc3)
      opentelemetry-common (~> 0.19.1)
      opentelemetry-instrumentation-base (~> 0.18.2)
    opentelemetry-instrumentation-graphql (0.19.0)
      opentelemetry-api (~> 1.0.0.rc3)
      opentelemetry-instrumentation-base (~> 0.18.2)
    opentelemetry-instrumentation-http (0.19.1)
      opentelemetry-api (~> 1.0.0.rc3)
      opentelemetry-instrumentation-base (~> 0.18.2)
    opentelemetry-instrumentation-http_client (0.19.1)
      opentelemetry-api (~> 1.0.0.rc3)
      opentelemetry-common (~> 0.19.1)
      opentelemetry-instrumentation-base (~> 0.18.2)
    opentelemetry-instrumentation-koala (0.18.2)
      opentelemetry-api (~> 1.0.0.rc3)
      opentelemetry-common (~> 0.19.1)
      opentelemetry-instrumentation-base (~> 0.18.2)
    opentelemetry-instrumentation-lmdb (0.19.0)
      opentelemetry-api (~> 1.0.0.rc3)
      opentelemetry-instrumentation-base (~> 0.18.2)
    opentelemetry-instrumentation-mongo (0.18.2)
      opentelemetry-api (~> 1.0.0.rc3)
      opentelemetry-instrumentation-base (~> 0.18.2)
    opentelemetry-instrumentation-mysql2 (0.19.0)
      opentelemetry-api (~> 1.0.0.rc3)
      opentelemetry-instrumentation-base (~> 0.18.2)
    opentelemetry-instrumentation-net_http (0.19.1)
      opentelemetry-api (~> 1.0.0.rc3)
      opentelemetry-common (~> 0.19.1)
      opentelemetry-instrumentation-base (~> 0.18.2)
    opentelemetry-instrumentation-pg (0.19.0)
      opentelemetry-api (~> 1.0.0.rc3)
      opentelemetry-instrumentation-base (~> 0.18.2)
    opentelemetry-instrumentation-rack (0.19.2)
      opentelemetry-api (~> 1.0.0.rc3)
      opentelemetry-instrumentation-base (~> 0.18.2)
    opentelemetry-instrumentation-rails (0.19.0)
      opentelemetry-api (~> 1.0.0.rc3)
      opentelemetry-instrumentation-action_pack (~> 0.1.0)
      opentelemetry-instrumentation-action_view (~> 0.1.0)
      opentelemetry-instrumentation-active_record (~> 0.1.1)
      opentelemetry-instrumentation-base (~> 0.18.2)
    opentelemetry-instrumentation-redis (0.21.0)
      opentelemetry-api (~> 1.0.0.rc3)
      opentelemetry-common (~> 0.19.1)
      opentelemetry-instrumentation-base (~> 0.18.2)
    opentelemetry-instrumentation-resque (0.1.1)
      opentelemetry-api (~> 1.0.0.rc3)
      opentelemetry-instrumentation-base (~> 0.18.2)
    opentelemetry-instrumentation-restclient (0.19.1)
      opentelemetry-api (~> 1.0.0.rc3)
      opentelemetry-common (~> 0.19.1)
      opentelemetry-instrumentation-base (~> 0.18.2)
    opentelemetry-instrumentation-ruby_kafka (0.18.2)
      opentelemetry-api (~> 1.0.0.rc3)
      opentelemetry-instrumentation-base (~> 0.18.2)
    opentelemetry-instrumentation-sidekiq (0.20.0)
      opentelemetry-api (~> 1.0.0.rc3)
      opentelemetry-common (~> 0.19.1)
      opentelemetry-instrumentation-base (~> 0.18.2)
    opentelemetry-instrumentation-sinatra (0.19.1)
      opentelemetry-api (~> 1.0.0.rc3)
      opentelemetry-instrumentation-base (~> 0.18.2)
    opentelemetry-sdk (1.0.0.rc3)
      opentelemetry-api (~> 1.0.0.rc3)
      opentelemetry-common (~> 0.19.1)
      opentelemetry-instrumentation-base (~> 0.18.2)
      opentelemetry-semantic_conventions
    opentelemetry-semantic_conventions (1.6.0)
      opentelemetry-api (~> 1.0.0.rc3)
    pg (0.21.0)
    prometheus-client (2.1.0)
    pry (0.13.1)
      coderay (~> 1.1)
      method_source (~> 1.0)
    pry-byebug (3.9.0)
      byebug (~> 11.0)
      pry (~> 0.13.0)
    public_suffix (4.0.6)
    puma (5.4.0)
      nio4r (~> 2.0)
    racc (1.5.2)
    rack (2.2.3)
    rack-attack (6.5.0)
      rack (>= 1.0, < 3)
    rack-cors (1.1.1)
      rack (>= 2.0.0)
    rack-test (1.1.0)
      rack (>= 1.0, < 3)
    rack-throttle (0.7.0)
      bundler (>= 1.0.0)
      rack (>= 1.0.0)
    rack-timeout (0.6.0)
    rails (5.2.6)
      actioncable (= 5.2.6)
      actionmailer (= 5.2.6)
      actionpack (= 5.2.6)
      actionview (= 5.2.6)
      activejob (= 5.2.6)
      activemodel (= 5.2.6)
      activerecord (= 5.2.6)
      activestorage (= 5.2.6)
      activesupport (= 5.2.6)
      bundler (>= 1.3.0)
      railties (= 5.2.6)
      sprockets-rails (>= 2.0.0)
    rails-dom-testing (2.0.3)
      activesupport (>= 4.2.0)
      nokogiri (>= 1.6)
    rails-html-sanitizer (1.4.2)
      loofah (~> 2.3)
    railties (5.2.6)
      actionpack (= 5.2.6)
      activesupport (= 5.2.6)
      method_source
      rake (>= 0.8.7)
      thor (>= 0.19.0, < 2.0)
    rake (13.0.6)
    rb-fsevent (0.11.0)
    rb-inotify (0.10.1)
      ffi (~> 1.0)
    regexp_parser (2.1.1)
    request_store (1.5.0)
      rack (>= 1.4)
    rexml (3.2.5)
    ruby-progressbar (1.11.0)
    ruby_dep (1.5.0)
    rubyzip (2.3.2)
    sass (3.7.4)
      sass-listen (~> 4.0.0)
    sass-listen (4.0.0)
      rb-fsevent (~> 0.9, >= 0.9.4)
      rb-inotify (~> 0.9, >= 0.9.7)
    sass-rails (5.1.0)
      railties (>= 5.2.0)
      sass (~> 3.1)
      sprockets (>= 2.8, < 4.0)
      sprockets-rails (>= 2.0, < 4.0)
      tilt (>= 1.1, < 3)
    selenium-webdriver (3.142.7)
      childprocess (>= 0.5, < 4.0)
      rubyzip (>= 1.2.2)
    spring (2.1.1)
    spring-watcher-listen (2.0.1)
      listen (>= 2.7, < 4.0)
      spring (>= 1.2, < 3.0)
    sprockets (3.7.2)
      concurrent-ruby (~> 1.0)
      rack (> 1, < 3)
    sprockets-rails (3.2.2)
      actionpack (>= 4.0)
      activesupport (>= 4.0)
      sprockets (>= 3.0.0)
    sqlite3 (1.3.13)
    thor (1.1.0)
    thread_safe (0.3.6)
    tilt (2.0.10)
    turbolinks (5.2.1)
      turbolinks-source (~> 5.2)
    turbolinks-source (5.2.0)
    tzinfo (1.2.9)
      thread_safe (~> 0.1)
    uglifier (4.2.0)
      execjs (>= 0.3.0, < 3)
    vault (0.16.0)
      aws-sigv4
    vault-rails (0.7.1)
      activesupport (>= 5.0)
      vault (~> 0.14)
    web-console (3.7.0)
      actionview (>= 5.0)
      activemodel (>= 5.0)
      bindex (>= 0.4.0)
      railties (>= 5.0)
    websocket-driver (0.7.5)
      websocket-extensions (>= 0.1.0)
    websocket-extensions (0.1.5)
    xpath (3.2.0)
      nokogiri (~> 1.8)

PLATFORMS
  ruby
  x86_64-darwin-19
  x86_64-linux

DEPENDENCIES
  bootsnap (>= 1.1.0)
  byebug
  capybara (>= 2.15, < 4.0)
  chromedriver-helper
  coffee-rails (~> 4.2)
  foreman
  high_voltage
  jbuilder (~> 2.5)
  jquery-rails
  json (~> 2.0)
  kramdown
  listen (>= 3.0.5, < 3.2)
  lograge
  minitest
  minitest-rails
  minitest-reporters
  oj
  opentelemetry-exporter-otlp (= 0.20.3)
  opentelemetry-instrumentation-all (= 0.20.1)
  opentelemetry-sdk (= 1.0.0.rc3)
  pg (~> 0.21)
  prometheus-client
  pry-byebug
  puma
  rack-attack
  rack-cors
  rack-throttle
  rack-timeout
  rails (~> 5.2.0)
  rake (~> 13.0)
  sass-rails (~> 5.0)
  selenium-webdriver
  spring
  spring-watcher-listen (~> 2.0.0)
  sprockets (~> 3.0)
  sqlite3 (< 1.4.0)
  turbolinks (~> 5)
  tzinfo-data
  uglifier (>= 1.3.0)
  vault-rails
  web-console (>= 3.3.0)

RUBY VERSION
   ruby 2.7.2p137

BUNDLED WITH
   2.2.11
